PATH
  remote: .
  specs:
    x9 (0.2.6)
      rake

GEM
  remote: https://rubygems.org/
  specs:
    activesupport (4.2.3)
      i18n (~> 0.7)
      json (~> 1.7, >= 1.7.7)
      minitest (~> 5.1)
      thread_safe (~> 0.3, >= 0.3.4)
      tzinfo (~> 1.1)
    builder (3.2.0)
    byebug (5.0.0)
      columnize (= 0.9.0)
    chronic (0.10.2)
    coderay (1.1.0)
    columnize (0.9.0)
    delorean (2.1.0)
      chronic
    diff-lcs (1.2.4)
    geminabox (0.10.1)
      builder
      httpclient (>= 2.2.7)
      sinatra
    httpclient (2.3.3)
    i18n (0.7.0)
    json (1.8.3)
    method_source (0.8.2)
    minitest (5.7.0)
    pry (0.10.1)
      coderay (~> 1.1.0)
      method_source (~> 0.8.1)
      slop (~> 3.4)
    pry-byebug (3.2.0)
      byebug (~> 5.0)
      pry (~> 0.10)
    rack (1.5.2)
    rack-protection (1.4.0)
      rack
    rake (10.1.0)
    rspec (2.13.0)
      rspec-core (~> 2.13.0)
      rspec-expectations (~> 2.13.0)
      rspec-mocks (~> 2.13.0)
    rspec-core (2.13.1)
    rspec-expectations (2.13.0)
      diff-lcs (>= 1.1.3, < 2.0)
    rspec-mocks (2.13.1)
    sinatra (1.3.5)
      rack (~> 1.4)
      rack-protection (~> 1.3)
      tilt (~> 1.3, >= 1.3.3)
    slop (3.6.0)
    thread_safe (0.3.5)
    tilt (1.3.4)
    tzinfo (1.2.2)
      thread_safe (~> 0.1)

PLATFORMS
  ruby

DEPENDENCIES
  activesupport
  delorean
  geminabox
  pry-byebug
  rspec
  x9!
